GEM
  remote: https://rubygems.org/
  specs:
    coderay (1.1.0)
    httpclient (2.6.0.1)
    method_source (0.8.2)
    mini_portile (0.6.2)
    nokogiri (1.6.6.2)
      mini_portile (~> 0.6.0)
    pry (0.10.1)
      coderay (~> 1.1.0)
      method_source (~> 0.8.1)
      slop (~> 3.4)
    rtesseract (1.3.0)
      nokogiri
    slop (3.6.0)

PLATFORMS
  ruby

DEPENDENCIES
  httpclient
  nokogiri
  pry
  rtesseract
